GIT
  remote: https://github.com/opal/opal.git
  revision: 247d921f43e2fcdec47405c1c2a38472fc89ca71
  branch: master
  specs:
    opal (0.9.0.dev)
      hike (~> 1.2)
      sourcemap (~> 0.1.0)
      sprockets (~> 3.1)
      tilt (>= 1.4)

GEM
  remote: https://rubygems.org/
  specs:
    daemons (1.2.3)
    eventmachine (1.0.7)
    hike (1.2.3)
    opal-activesupport (0.1.0)
      opal (>= 0.5.0, < 1.0.0)
    opal-jquery (0.4.0)
      opal (>= 0.7.0, < 0.9.0)
    opal-vienna (0.7.0)
      opal (>= 0.5.0, < 1.0.0)
      opal-activesupport
      opal-jquery
    rack (1.6.4)
    rack-protection (1.5.3)
      rack
    sass (3.4.16)
    sinatra (1.4.6)
      rack (~> 1.4)
      rack-protection (~> 1.4)
      tilt (>= 1.3, < 3)
    sourcemap (0.1.1)
    sprockets (3.2.0)
      rack (~> 1.0)
    thin (1.6.3)
      daemons (~> 1.0, >= 1.0.9)
      eventmachine (~> 1.0)
      rack (~> 1.0)
    tilt (2.0.1)

PLATFORMS
  ruby

DEPENDENCIES
  opal!
  opal-jquery
  opal-vienna
  sass
  sinatra
  thin
