GIT
  remote: git://github.com/bebac/vienna.git
  revision: 605fcc5566f6e81f44a153aad4d1a5f0fa769f14
  branch: opal-browser
  specs:
    opal-vienna (0.7.0)
      opal (>= 0.5.0, < 1.0.0)
      opal-activesupport
      opal-browser

GIT
  remote: git://github.com/opal/opal-browser.git
  revision: d53cd7212853079ca81a108e402cd8722f4b4df4
  specs:
    opal-browser (0.2.0)
      opal
      paggio

GIT
  remote: git://github.com/opal/opal.git
  revision: 22c3d08412e80d0cf565bc5565e40f88a07c7a89
  branch: master
  specs:
    opal (0.9.0.dev)
      hike (~> 1.2)
      sourcemap (~> 0.1.0)
      sprockets (~> 3.1)
      tilt (>= 1.4)

GEM
  remote: https://rubygems.org/
  specs:
    daemons (1.2.3)
    eventmachine (1.0.7)
    hike (1.2.3)
    opal-activesupport (0.1.0)
      opal (>= 0.5.0, < 1.0.0)
    paggio (0.2.4)
    rack (1.6.4)
    rack-protection (1.5.3)
      rack
    sass (3.4.16)
    sinatra (1.4.6)
      rack (~> 1.4)
      rack-protection (~> 1.4)
      tilt (>= 1.3, < 3)
    sourcemap (0.1.1)
    sprockets (3.2.0)
      rack (~> 1.0)
    thin (1.6.3)
      daemons (~> 1.0, >= 1.0.9)
      eventmachine (~> 1.0)
      rack (~> 1.0)
    tilt (2.0.1)

PLATFORMS
  ruby

DEPENDENCIES
  opal!
  opal-browser!
  opal-vienna!
  sass
  sinatra
  thin
